PATH
  remote: .
  specs:
    epp-client-afnic (0.13.3)
      builder (>= 2.1.2)
      epp-client-base (= 0.13.3)
      epp-client-rgp (= 0.13.3)
      epp-client-secdns (= 0.13.3)
      nokogiri (~> 1.4)
    epp-client-base (0.13.3)
      builder (>= 2.1.2)
      nokogiri (~> 1.4)
    epp-client-rgp (0.13.3)
      builder (>= 2.1.2)
      nokogiri (~> 1.4)
    epp-client-secdns (0.13.3)
      builder (>= 2.1.2)
      nokogiri (~> 1.4)
    epp-client-smallregistry (0.13.3)
      builder (>= 2.1.2)
      epp-client-base (= 0.13.3)
      epp-client-secdns (= 0.13.3)
      nokogiri (~> 1.4)

GEM
  remote: http://rubygems.org/
  specs:
    builder (3.2.2)
    diff-lcs (1.2.5)
    mini_portile (0.6.1)
    nokogiri (1.6.4)
      mini_portile (~> 0.6.0)
    rspec (3.1.0)
      rspec-core (~> 3.1.0)
      rspec-expectations (~> 3.1.0)
      rspec-mocks (~> 3.1.0)
    rspec-core (3.1.7)
      rspec-support (~> 3.1.0)
    rspec-expectations (3.1.2)
      diff-lcs (>= 1.2.0, < 2.0)
      rspec-support (~> 3.1.0)
    rspec-mocks (3.1.3)
      rspec-support (~> 3.1.0)
    rspec-support (3.1.2)

PLATFORMS
  ruby

DEPENDENCIES
  bundler (>= 1.0.0)
  epp-client-afnic!
  epp-client-base!
  epp-client-rgp!
  epp-client-secdns!
  epp-client-smallregistry!
  rspec
