PATH
  remote: .
  specs:
    epp-client-afnic (0.13.3)
      builder (>= 2.1.2)
      epp-client-base (= 0.13.3)
      epp-client-rgp (= 0.13.3)
      epp-client-secdns (= 0.13.3)
      nokogiri (~> 1.4)
    epp-client-base (0.13.3)
      builder (>= 2.1.2)
      nokogiri (~> 1.4)
    epp-client-rgp (0.13.3)
      builder (>= 2.1.2)
      nokogiri (~> 1.4)
    epp-client-secdns (0.13.3)
      builder (>= 2.1.2)
      nokogiri (~> 1.4)
    epp-client-smallregistry (0.13.3)
      builder (>= 2.1.2)
      epp-client-base (= 0.13.3)
      epp-client-secdns (= 0.13.3)
      nokogiri (~> 1.4)

GEM
  remote: http://rubygems.org/
  specs:
    builder (3.2.2)
    celluloid (0.15.2)
      timers (~> 1.1.0)
    coderay (1.1.0)
    diff-lcs (1.2.5)
    ffi (1.9.3)
    formatador (0.2.5)
    guard (2.6.1)
      formatador (>= 0.2.4)
      listen (~> 2.7)
      lumberjack (~> 1.0)
      pry (>= 0.9.12)
      thor (>= 0.18.1)
    guard-rspec (4.2.10)
      guard (~> 2.1)
      rspec (>= 2.14, < 4.0)
    listen (2.7.9)
      celluloid (>= 0.15.2)
      rb-fsevent (>= 0.9.3)
      rb-inotify (>= 0.9)
    lumberjack (1.0.9)
    method_source (0.8.2)
    mini_portile (0.6.1)
    nokogiri (1.6.4)
      mini_portile (~> 0.6.0)
    pry (0.10.1)
      coderay (~> 1.1.0)
      method_source (~> 0.8.1)
      slop (~> 3.4)
    rb-fsevent (0.9.4)
    rb-inotify (0.9.5)
      ffi (>= 0.5.0)
    rspec (3.1.0)
      rspec-core (~> 3.1.0)
      rspec-expectations (~> 3.1.0)
      rspec-mocks (~> 3.1.0)
    rspec-core (3.1.7)
      rspec-support (~> 3.1.0)
    rspec-expectations (3.1.2)
      diff-lcs (>= 1.2.0, < 2.0)
      rspec-support (~> 3.1.0)
    rspec-mocks (3.1.3)
      rspec-support (~> 3.1.0)
    rspec-support (3.1.2)
    slop (3.6.0)
    thor (0.19.1)
    timers (1.1.0)

PLATFORMS
  ruby

DEPENDENCIES
  bundler (>= 1.0.0)
  epp-client-afnic!
  epp-client-base!
  epp-client-rgp!
  epp-client-secdns!
  epp-client-smallregistry!
  guard-rspec
  pry
  rspec
